GEM
  remote: http://rubygems.org/
  specs:
    activesupport (3.0.11)
    addressable (2.2.7)
    async-rack (0.5.1)
      rack (~> 1.1)
    cookiejar (0.3.0)
    cramp (0.15.1)
      activesupport (~> 3.0.9)
      eventmachine (~> 1.0.0.beta.3)
      rack (~> 1.3.2)
      thor (~> 0.14.6)
    daemons (1.1.8)
    em-eventsource (0.1.7)
      em-http-request (~> 1.0.0)
      eventmachine (~> 1.0.0.beta3)
    em-http-request (1.0.1)
      addressable (>= 2.2.3)
      cookiejar
      em-socksify
      eventmachine (>= 1.0.0.beta.4)
      http_parser.rb (>= 0.5.3)
    em-socksify (0.1.0)
      eventmachine
    eventmachine (1.0.0.beta.4)
    http_parser.rb (0.5.3)
    http_router (0.10.2)
      rack (>= 1.0.0)
      url_mount (~> 0.2.1)
    rack (1.3.6)
    thin (1.3.1)
      daemons (>= 1.0.9)
      eventmachine (>= 0.12.6)
      rack (>= 1.0.0)
    thor (0.14.6)
    url_mount (0.2.1)
      rack

PLATFORMS
  ruby

DEPENDENCIES
  async-rack
  cramp
  em-eventsource
  http_router
  thin
